~~
~~ Copyright Â© 2025 Promisan
~~
~~ Licensed under the Apache License, Version 2.0 (the "License");
~~ you may not use this file except in compliance with the License.
~~ You may obtain a copy of the License at
~~
~~     http://www.apache.org/licenses/LICENSE-2.0
~~
~~ Unless required by applicable law or agreed to in writing, software
~~ distributed under the License is distributed on an "AS IS" BASIS,
~~ WITHOUT WARRANTIES OR CONDITIONS OF ANY KIND, either express or implied.
~~ See the License for the specific language governing permissions and
~~ limitations under the License.
~~

GEM
  remote: https://rubygems.org/
  specs:
    closure-compiler (1.1.7)
    github-markup (1.3.1)
      posix-spawn (~> 0.3.8)
    hpricot (0.8.6)
    posix-spawn (0.3.9)
    redcarpet (3.1.2)

PLATFORMS
  ruby

DEPENDENCIES
  closure-compiler (= 1.1.7)
  github-markup
  hpricot
  redcarpet
